GIT
  remote: https://github.com/livingsocial/rake-pipeline.git
  revision: f71caeb1406dafd6af5ab8453db8c5ac53947c92
  specs:
    rake-pipeline (0.6.0)
      rake (~> 0.9.0)
      thor

GIT
  remote: https://github.com/wycats/rake-pipeline-web-filters.git
  revision: e58b9d055de666f6ca972151c125ccfb997c1b1c
  specs:
    rake-pipeline-web-filters (0.6.0)
      rack
      rake-pipeline (~> 0.6)

GEM
  remote: http://rubygems.org/
  specs:
    POpen4 (0.1.4)
      Platform (>= 0.4.0)
      open4
    Platform (0.4.0)
    chunky_png (1.2.5)
    coffee-script (2.2.0)
      coffee-script-source
      execjs
    coffee-script-source (1.2.0)
    compass (0.11.7)
      chunky_png (~> 1.2)
      fssm (>= 0.2.7)
      sass (~> 3.1)
    execjs (1.3.0)
      multi_json (~> 1.0)
    fssm (0.2.8.1)
    multi_json (1.1.0)
    open4 (1.3.0)
    rack (1.4.1)
    rack-rewrite (1.2.1)
    rake (0.9.2.2)
    sass (3.1.15)
    thor (0.14.6)
    uglifier (1.2.3)
      execjs (>= 0.3.0)
      multi_json (>= 1.0.2)
    yui-compressor (0.9.6)
      POpen4 (>= 0.1.4)

PLATFORMS
  ruby

DEPENDENCIES
  coffee-script
  compass
  rack
  rack-rewrite
  rake-pipeline!
  rake-pipeline-web-filters!
  sass
  uglifier
  yui-compressor
